GIT
  remote: https://github.com/bbcrd/sparql-client.git
  revision: 2d35125e9f1577bceee9a43c69aa4a8ae0ceba74
  specs:
    sparql-client (0.3.0)
      json_pure (>= 1.6.5)
      net-http-persistent (>= 1.4.1)
      rdf (>= 0.3.5)

GEM
  remote: https://rubygems.org/
  specs:
    activesupport (3.2.5)
      i18n (~> 0.6)
      multi_json (~> 1.0)
    addressable (2.3.2)
    i18n (0.6.0)
    json_pure (1.7.5)
    mime-types (1.19)
    multi_json (1.3.6)
    net-http-persistent (2.8)
    rake (10.0.0)
    rdf (0.3.9)
      addressable (>= 2.2.6)
    rest-client (1.6.7)
      mime-types (>= 1.16)

PLATFORMS
  ruby

DEPENDENCIES
  activesupport
  rake
  rest-client
  sparql-client!
