GIT
  remote: https://github.com/bbcrd/sparql-client.git
  revision: 17b2ab11700f5b761981d864f6ab074d534aced2
  specs:
    sparql-client (0.1.1)
      json_pure (>= 1.6.5)
      net-http-persistent (>= 1.4.1)
      rdf (>= 0.3.5)

GEM
  remote: https://rubygems.org/
  specs:
    activesupport (3.2.5)
      i18n (~> 0.6)
      multi_json (~> 1.0)
    addressable (2.3.2)
    i18n (0.6.0)
    json_pure (1.7.5)
    multi_json (1.3.6)
    net-http-persistent (2.7)
    rdf (0.3.8)
      addressable (>= 2.2.6)

PLATFORMS
  ruby

DEPENDENCIES
  activesupport
  sparql-client!
